GIT
  remote: git://github.com/cenotaph/themes_for_rails.git
  revision: 98c8db268dceebc14c831da18dc4abec9c4c7e74
  branch: master
  specs:
    themes_for_rails (0.5.1)
      rails (>= 4.2.2)

GIT
  remote: git://github.com/helios-technologies/skeleton-rails.git
  revision: 7a0a32113ad87f439c349f629f9c5a52cdede10f
  specs:
    skeleton-rails (1.1.0)

GEM
  remote: http://rubygems.org/
  remote: https://rails-assets.org/
  specs:
    actionmailer (4.2.5)
      actionpack (= 4.2.5)
      actionview (= 4.2.5)
      activejob (= 4.2.5)
      mail (~> 2.5, >= 2.5.4)
      rails-dom-testing (~> 1.0, >= 1.0.5)
    actionpack (4.2.5)
      actionview (= 4.2.5)
      activesupport (= 4.2.5)
      rack (~> 1.6)
      rack-test (~> 0.6.2)
      rails-dom-testing (~> 1.0, >= 1.0.5)
      rails-html-sanitizer (~> 1.0, >= 1.0.2)
    actionview (4.2.5)
      activesupport (= 4.2.5)
      builder (~> 3.1)
      erubis (~> 2.7.0)
      rails-dom-testing (~> 1.0, >= 1.0.5)
      rails-html-sanitizer (~> 1.0, >= 1.0.2)
    activejob (4.2.5)
      activesupport (= 4.2.5)
      globalid (>= 0.3.0)
    activemodel (4.2.5)
      activesupport (= 4.2.5)
      builder (~> 3.1)
    activerecord (4.2.5)
      activemodel (= 4.2.5)
      activesupport (= 4.2.5)
      arel (~> 6.0)
    activesupport (4.2.5)
      i18n (~> 0.7)
      json (~> 1.7, >= 1.7.7)
      minitest (~> 5.1)
      thread_safe (~> 0.3, >= 0.3.4)
      tzinfo (~> 1.1)
    addressable (2.4.0)
    arel (6.0.3)
    auto_html (2.0.0)
      gemoji (~> 2.1)
      redcarpet (~> 3.3)
      rinku (~> 1.7)
      tag_helper (~> 0.5)
    bcrypt (3.1.10)
    better_errors (2.1.1)
      coderay (>= 1.0.0)
      erubis (>= 2.6.6)
      rack (>= 0.9.0)
    binding_of_caller (0.7.3.pre1)
      debug_inspector (>= 0.0.1)
    buftok (0.2.0)
    builder (3.2.2)
    calendrier (0.9.5)
      rails (>= 3.0)
    callsite (0.0.11)
    cancancan (1.13.1)
    capistrano (3.4.0)
      i18n
      rake (>= 10.0.0)
      sshkit (~> 1.3)
    capistrano-bundler (1.1.4)
      capistrano (~> 3.1)
      sshkit (~> 1.2)
    capistrano-faster-assets (1.0.2)
      capistrano (>= 3.1)
    capistrano-rails (1.1.5)
      capistrano (~> 3.1)
      capistrano-bundler (~> 1.1)
    capistrano-rvm (0.1.2)
      capistrano (~> 3.0)
      sshkit (~> 1.2)
    ckeditor (4.1.5)
      cocaine
      orm_adapter (~> 0.5.0)
    climate_control (0.0.3)
      activesupport (>= 3.0)
    cocaine (0.5.8)
      climate_control (>= 0.0.3, < 1.0)
    coderay (1.1.0)
    coffee-rails (4.1.0)
      coffee-script (>= 2.2.0)
      railties (>= 4.0.0, < 5.0)
    coffee-script (2.4.1)
      coffee-script-source
      execjs
    coffee-script-source (1.10.0)
    concurrent-ruby (1.0.0)
    countries (0.11.5)
      currencies (~> 0.4.2)
      i18n_data (~> 0.7.0)
    country_select (2.2.0)
      countries (~> 0.11.0)
      sort_alphabetical (~> 1.0)
    currencies (0.4.2)
    daemons (1.2.3)
    dalli (2.7.4)
    debug_inspector (0.0.2)
    devise (3.5.3)
      bcrypt (~> 3.0)
      orm_adapter (~> 0.1)
      railties (>= 3.2.6, < 5)
      responders
      thread_safe (~> 0.1)
      warden (~> 1.2.3)
    devise-encryptable (0.2.0)
      devise (>= 2.1.0)
    domain_name (0.5.25)
      unf (>= 0.0.5, < 1.0.0)
    equalizer (0.0.10)
    erubis (2.7.0)
    eventmachine (1.0.8)
    excon (0.45.4)
    execjs (2.6.0)
    faraday (0.9.2)
      multipart-post (>= 1.2, < 3)
    faraday_middleware (0.9.2)
      faraday (>= 0.7.4, < 0.10)
    figaro (1.1.1)
      thor (~> 0.14)
    flickraw (0.9.8)
    font-awesome-rails (4.4.0.0)
      railties (>= 3.2, < 5.0)
    formtastic (3.1.3)
      actionpack (>= 3.2.13)
    foundation-rails (5.5.3.1)
      railties (>= 3.1.0)
      sass (>= 3.3.0, < 3.5)
    friendly_id (5.1.0)
      activerecord (>= 4.0.0)
    fullcalendar-rails (2.5.0.0)
      jquery-rails (>= 4.0.5, < 5.0.0)
      jquery-ui-rails (>= 5.0.2)
      momentjs-rails (>= 2.9.0)
    gemoji (2.1.0)
    geocoder (1.2.13)
    git-version-bump (0.15.1)
    globalid (0.3.6)
      activesupport (>= 4.1.0)
    globalize (5.0.1)
      activemodel (>= 4.2.0, < 4.3)
      activerecord (>= 4.2.0, < 4.3)
    haml (4.0.7)
      tilt
    has_scope (0.6.0)
      actionpack (>= 3.2, < 5)
      activesupport (>= 3.2, < 5)
    hashie (3.4.3)
    hominid (3.0.5)
    http (0.9.8)
      addressable (~> 2.3)
      http-cookie (~> 1.0)
      http-form_data (~> 1.0.1)
      http_parser.rb (~> 0.6.0)
    http-cookie (1.0.2)
      domain_name (~> 0.5)
    http-form_data (1.0.1)
    http_accept_language (2.0.5)
    http_parser.rb (0.6.0)
    i18n (0.7.0)
    i18n_data (0.7.0)
    inherited_resources (1.6.0)
      actionpack (>= 3.2, < 5)
      has_scope (~> 0.6.0.rc)
      railties (>= 3.2, < 5)
      responders
    innertube (1.1.0)
    instagram (1.1.6)
      faraday (>= 0.7, < 0.10)
      faraday_middleware (>= 0.8, < 0.10)
      hashie (>= 0.4.0)
      multi_json (~> 1.0, >= 1.0.3)
    jquery-easing-rails (0.0.2)
      railties (>= 3.1.0)
    jquery-infinite-pages (0.2.0)
      coffee-script
      jquery-rails
      railties (>= 3.1)
    jquery-rails (4.0.5)
      rails-dom-testing (~> 1.0)
      railties (>= 4.2.0)
      thor (>= 0.14, < 2.0)
    jquery-slick-rails (1.5.6)
      railties (>= 3.1)
    jquery-ui-rails (5.0.5)
      railties (>= 3.2.16)
    jquery_ui_rails_helpers (0.0.4)
    json (1.8.3)
    kaminari (0.16.3)
      actionpack (>= 3.0.0)
      activesupport (>= 3.0.0)
    kgio (2.10.0)
    koala (2.2.0)
      addressable
      faraday
      multi_json
    later_dude (0.3.3)
    launchy (2.4.3)
      addressable (~> 2.3)
    letter_opener (1.4.1)
      launchy (~> 2.2)
    loofah (2.0.3)
      nokogiri (>= 1.5.9)
    mail (2.6.3)
      mime-types (>= 1.16, < 3)
    mailchimp-api (2.0.6)
      excon (>= 0.16.0)
      json (>= 1.7.7)
    memoizable (0.4.2)
      thread_safe (~> 0.3, >= 0.3.1)
    meta-tags (2.1.0)
      actionpack (>= 3.0.0)
    meta_request (0.3.4)
      callsite (~> 0.0, >= 0.0.11)
      rack-contrib (~> 1.1)
      railties (>= 3.0.0, < 5.0.0)
    metaclass (0.0.4)
    middleware (0.1.0)
    mime-types (2.99)
    mimemagic (0.3.0)
    mini_portile2 (2.0.0)
    minitest (5.8.4)
    mocha (1.1.0)
      metaclass (~> 0.0.1)
    momentjs-rails (2.10.6)
      railties (>= 3.1)
    multi_json (1.11.2)
    multipart-post (2.0.0)
    mysql2 (0.4.2)
    naught (1.1.0)
    nested_form (0.3.2)
    net-scp (1.2.1)
      net-ssh (>= 2.6.5)
    net-ssh (3.0.1)
    nifty-generators (0.4.6)
    nokogiri (1.6.7)
      mini_portile2 (~> 2.0.0.rc2)
    orm_adapter (0.5.0)
    paperclip (4.3.2)
      activemodel (>= 3.2.0)
      activesupport (>= 3.2.0)
      cocaine (~> 0.5.5)
      mime-types
      mimemagic (= 0.3.0)
    public_activity (1.4.2)
      actionpack (>= 3.0.0)
      activerecord (>= 3.0)
      i18n (>= 0.5.0)
      railties (>= 3.0.0)
    quiet_assets (1.1.0)
      railties (>= 3.1, < 5.0)
    rack (1.6.4)
    rack-cache (1.5.0)
      rack (>= 0.4)
    rack-contrib (1.4.0)
      git-version-bump (~> 0.15)
      rack (~> 1.4)
    rack-cors (0.4.0)
    rack-test (0.6.3)
      rack (>= 1.0)
    rails (4.2.5)
      actionmailer (= 4.2.5)
      actionpack (= 4.2.5)
      actionview (= 4.2.5)
      activejob (= 4.2.5)
      activemodel (= 4.2.5)
      activerecord (= 4.2.5)
      activesupport (= 4.2.5)
      bundler (>= 1.3.0, < 2.0)
      railties (= 4.2.5)
      sprockets-rails
    rails-assets-datetimepicker (2.4.5)
      rails-assets-jquery (>= 1.7.2)
    rails-assets-jquery (2.1.4)
    rails-deprecated_sanitizer (1.0.3)
      activesupport (>= 4.2.0.alpha)
    rails-dom-testing (1.0.7)
      activesupport (>= 4.2.0.beta, < 5.0)
      nokogiri (~> 1.6.0)
      rails-deprecated_sanitizer (>= 1.0.1)
    rails-html-sanitizer (1.0.2)
      loofah (~> 2.0)
    rails-timeago (2.13.0)
      actionpack (>= 3.1)
      activesupport (>= 3.1)
    railties (4.2.5)
      actionpack (= 4.2.5)
      activesupport (= 4.2.5)
      rake (>= 0.8.7)
      thor (>= 0.18.1, < 2.0)
    rake (10.4.2)
    randumb (0.5.0)
      activerecord (>= 3.0.0)
      activesupport (>= 3.0.0)
      rake
    recaptcha (1.0.2)
      json
    redcarpet (3.3.4)
    responders (2.1.0)
      railties (>= 4.2.0, < 5)
    riddle (1.5.12)
    rinku (1.7.3)
    rolify (5.0.0)
    sass (3.4.20)
    sass-rails (5.0.4)
      railties (>= 4.0.0, < 5.0)
      sass (~> 3.1)
      sprockets (>= 2.8, < 4.0)
      sprockets-rails (>= 2.0, < 4.0)
      tilt (>= 1.1, < 3)
    sextant (0.2.4)
      rails (>= 3.2)
    simple_oauth (0.3.1)
    sort_alphabetical (1.0.1)
      unicode_utils (>= 1.2.2)
    sprockets (3.5.2)
      concurrent-ruby (~> 1.0)
      rack (> 1, < 3)
    sprockets-rails (2.3.3)
      actionpack (>= 3.0)
      activesupport (>= 3.0)
      sprockets (>= 2.8, < 4.0)
    sshkit (1.8.1)
      net-scp (>= 1.1.2)
      net-ssh (>= 2.8.0)
    tag_helper (0.5.0)
    thin (1.6.4)
      daemons (~> 1.0, >= 1.0.9)
      eventmachine (~> 1.0, >= 1.0.4)
      rack (~> 1.0)
    thinking-sphinx (3.0.0)
      activerecord (>= 3.1.0)
      builder (>= 2.1.2)
      innertube (>= 1.0.2)
      middleware (>= 0.1.0)
      riddle (>= 1.5.4)
    thor (0.19.1)
    thread_safe (0.3.5)
    tilt (2.0.1)
    tlsmail (0.0.1)
    truncate_html (0.9.3)
    twitter (5.15.0)
      addressable (~> 2.3)
      buftok (~> 0.2.0)
      equalizer (= 0.0.10)
      faraday (~> 0.9.0)
      http (>= 0.4, < 0.10)
      http_parser.rb (~> 0.6.0)
      json (~> 1.8)
      memoizable (~> 0.4.0)
      naught (~> 1.0)
      simple_oauth (~> 0.3.0)
    tzinfo (1.2.2)
      thread_safe (~> 0.1)
    uglifier (2.7.2)
      execjs (>= 0.3.0)
      json (>= 1.8.0)
    unf (0.1.4)
      unf_ext
    unf_ext (0.0.7.1)
    unicode_utils (1.4.0)
    warden (1.2.4)
      rack (>= 1.0)

PLATFORMS
  ruby

DEPENDENCIES
  auto_html (= 2.0.0)
  better_errors
  binding_of_caller (>= 0.6.9.pre2)
  calendrier
  cancancan
  capistrano (~> 3.4.0)
  capistrano-bundler
  capistrano-faster-assets (~> 1.0)
  capistrano-rails
  capistrano-rvm
  ckeditor
  coffee-rails
  country_select
  dalli
  devise
  devise-encryptable
  execjs
  figaro
  flickraw
  font-awesome-rails
  formtastic
  foundation-rails
  friendly_id
  fullcalendar-rails
  geocoder
  globalize (= 5.0.1)
  haml
  has_scope
  hominid
  http_accept_language
  inherited_resources
  instagram
  jquery-easing-rails
  jquery-infinite-pages
  jquery-rails
  jquery-slick-rails
  jquery-ui-rails
  jquery_ui_rails_helpers
  kaminari
  kgio
  koala (~> 2.2)
  later_dude (>= 0.3.1)
  letter_opener
  mailchimp-api
  meta-tags
  meta_request
  mocha
  momentjs-rails
  mysql2
  nested_form
  nifty-generators
  paperclip
  public_activity
  quiet_assets
  rack-cache
  rack-cors
  rails (= 4.2.5)
  rails-assets-datetimepicker!
  rails-timeago (~> 2.0)
  randumb
  recaptcha
  redcarpet
  responders
  rolify
  sass
  sass-rails (~> 5.0)
  sextant
  skeleton-rails!
  themes_for_rails!
  thin
  thinking-sphinx (= 3.0.0)
  tlsmail
  truncate_html
  twitter
  uglifier

BUNDLED WITH
   1.10.4
